GEM
  remote: http://rubygems.org/
  specs:
    coffee-script (2.2.0)
      coffee-script-source
      execjs
    coffee-script-source (1.7.0)
    execjs (2.0.2)
    hike (1.2.3)
    json (1.8.1)
    multi_json (1.10.0)
    rack (1.5.2)
    rake (10.3.1)
    sass (3.3.7)
    sprockets (2.12.1)
      hike (~> 1.2)
      multi_json (~> 1.0)
      rack (~> 1.0)
      tilt (~> 1.1, != 1.3.0)
    tilt (1.4.1)
    uglifier (2.5.0)
      execjs (>= 0.3.0)
      json (>= 1.8.0)

PLATFORMS
  ruby

DEPENDENCIES
  coffee-script
  rake
  sass
  sprockets (>= 2.1)
  uglifier (>= 1.2)
